GEM
  remote: http://rubygems.org/
  remote: http://gems.github.com/
  specs:
    capistrano (2.13.5)
      highline
      net-scp (>= 1.0.0)
      net-sftp (>= 2.0.0)
      net-ssh (>= 2.0.14)
      net-ssh-gateway (>= 1.1.0)
    clogger (1.1.0)
      rack (> 0.9)
    coderay (1.0.8)
    domain_name (0.5.3)
      unf (~> 0.0.3)
    encryptor (1.1.3)
    foreman (0.60.2)
      thor (>= 0.13.6)
    highline (1.6.15)
    little_log_friend (0.2.1)
    mechanize (2.3)
      domain_name (~> 0.5, >= 0.5.1)
      mime-types (~> 1.17, >= 1.17.2)
      net-http-digest_auth (~> 1.1, >= 1.1.1)
      net-http-persistent (~> 2.5, >= 2.5.2)
      nokogiri (~> 1.4)
      ntlm-http (~> 0.1, >= 0.1.1)
      webrobots (~> 0.0, >= 0.0.9)
    method_source (0.8.1)
    mime-types (1.18)
    net-http-digest_auth (1.2)
    net-http-persistent (2.6)
    net-scp (1.0.4)
      net-ssh (>= 1.99.1)
    net-sftp (2.0.5)
      net-ssh (>= 2.0.9)
    net-ssh (2.6.2)
    net-ssh-gateway (1.1.0)
      net-ssh (>= 1.99.1)
    nokogiri (1.5.2)
    nokogiri (1.5.2-x86-mingw32)
    ntlm-http (0.1.1)
    pry (0.9.10)
      coderay (~> 1.0.5)
      method_source (~> 0.8)
      slop (~> 3.3.1)
    pry (0.9.10-x86-mingw32)
      coderay (~> 1.0.5)
      method_source (~> 0.8)
      slop (~> 3.3.1)
      win32console (~> 1.3)
    pry-doc (0.4.4)
      pry (>= 0.9.9.6)
      yard (~> 0.8.1)
    puma (1.3.0)
      rack (~> 1.2)
    rack (1.4.1)
    rack-protection (1.2.0)
      rack
    rufus-scheduler (2.0.16)
      tzinfo (>= 0.3.23)
    sinatra (1.3.2)
      rack (~> 1.3, >= 1.3.6)
      rack-protection (~> 1.2)
      tilt (~> 1.3, >= 1.3.3)
    slop (3.3.3)
    thor (0.16.0)
    tilt (1.3.3)
    tzinfo (0.3.33)
    unf (0.0.5)
      unf_ext
    unf_ext (0.0.4)
    unf_ext (0.0.4-x86-mingw32)
    webrobots (0.0.13)
    win32console (1.3.2-x86-mingw32)
    yard (0.8.3)

PLATFORMS
  ruby
  x86-mingw32

DEPENDENCIES
  capistrano
  clogger
  encryptor
  foreman
  little_log_friend
  mechanize
  pry
  pry-doc
  puma
  rufus-scheduler
  sinatra
