GEM
  remote: http://rubygems.org/
  remote: http://gems.github.com/
  specs:
    clogger (1.1.0)
      rack (> 0.9)
    columnize (0.3.6)
    debugger (1.1.3)
      columnize (>= 0.3.1)
      debugger-linecache (~> 1.1.1)
      debugger-ruby_core_source (~> 1.1.2)
    debugger-linecache (1.1.1)
      debugger-ruby_core_source (>= 1.1.1)
    debugger-ruby_core_source (1.1.2)
    domain_name (0.5.3)
      unf (~> 0.0.3)
    encryptor (1.1.3)
    little_log_friend (0.2.1)
    mechanize (2.3)
      domain_name (~> 0.5, >= 0.5.1)
      mime-types (~> 1.17, >= 1.17.2)
      net-http-digest_auth (~> 1.1, >= 1.1.1)
      net-http-persistent (~> 2.5, >= 2.5.2)
      nokogiri (~> 1.4)
      ntlm-http (~> 0.1, >= 0.1.1)
      webrobots (~> 0.0, >= 0.0.9)
    mime-types (1.18)
    net-http-digest_auth (1.2)
    net-http-persistent (2.6)
    nokogiri (1.5.2)
    nokogiri (1.5.2-x86-mingw32)
    ntlm-http (0.1.1)
    parseconfig (0.5.2)
    puma (1.3.0)
      rack (~> 1.2)
    rack (1.4.1)
    rack-protection (1.2.0)
      rack
    rufus-scheduler (2.0.16)
      tzinfo (>= 0.3.23)
    sinatra (1.3.2)
      rack (~> 1.3, >= 1.3.6)
      rack-protection (~> 1.2)
      tilt (~> 1.3, >= 1.3.3)
    tilt (1.3.3)
    tzinfo (0.3.33)
    unf (0.0.5)
      unf_ext
    unf_ext (0.0.4)
    unf_ext (0.0.4-x86-mingw32)
    webrobots (0.0.13)

PLATFORMS
  ruby
  x86-mingw32

DEPENDENCIES
  clogger
  debugger
  encryptor
  little_log_friend
  mechanize
  parseconfig
  puma
  rufus-scheduler
  sinatra
